GEM
  remote: https://rubygems.org/
  specs:
    autoprefixer-rails (5.1.1)
      execjs
      json
    bootstrap-sass (3.3.3)
      autoprefixer-rails (>= 5.0.0.1)
      sass (>= 3.2.19)
    breakpoint (2.5.0)
      sass (~> 3.3)
      sassy-maps (< 1.0.0)
    chunky_png (1.3.2)
    compass (1.0.1)
      chunky_png (~> 1.2)
      compass-core (~> 1.0.1)
      compass-import-once (~> 1.0.5)
      rb-fsevent (>= 0.9.3)
      rb-inotify (>= 0.9)
      sass (>= 3.3.13, < 3.5)
    compass-core (1.0.1)
      multi_json (~> 1.0)
      sass (>= 3.3.0, < 3.5)
    compass-import-once (1.0.5)
      sass (>= 3.2, < 3.5)
    execjs (2.2.2)
    ffi (1.9.6)
    ffi (1.9.6-x64-mingw32)
    json (1.8.1)
    multi_json (1.10.1)
    rainbow (2.0.0)
    rb-fsevent (0.9.4)
    rb-inotify (0.9.5)
      ffi (>= 0.5.0)
    sass (3.3.14)
    sassy-maps (0.4.0)
      sass (~> 3.3)
    scss-lint (0.27.0)
      rainbow (~> 2.0)
      sass (~> 3.3.0, >= 3.3.7)

PLATFORMS
  ruby
  x64-mingw32

DEPENDENCIES
  bootstrap-sass (~> 3.3.3)
  breakpoint (~> 2.5.0)
  compass (~> 1.0.1)
  scss-lint (~> 0.27.0)
